GIT
  remote: https://github.com/nickfloyd/cancellation.git
  revision: 79b9e9f30a3d9d7cd085ebbd0e4c994338a844c0
  branch: main
  specs:
    cancellation (0.0.9)

GEM
  remote: https://rubygems.org/
  specs:
    coderay (1.1.3)
    faraday (2.2.0)
      faraday-net_http (~> 2.0)
      ruby2_keywords (>= 0.0.4)
    faraday-net_http (2.0.1)
    method_source (1.0.0)
    mustermann (1.1.1)
      ruby2_keywords (~> 0.0.1)
    nio4r (2.5.8)
    pry (0.14.1)
      coderay (~> 1.1)
      method_source (~> 1.0)
    puma (5.6.2)
      nio4r (~> 2.0)
    rack (2.2.3)
    rack-protection (2.2.0)
      rack
    ruby2_keywords (0.0.5)
    sinatra (2.2.0)
      mustermann (~> 1.0)
      rack (~> 2.2)
      rack-protection (= 2.2.0)
      tilt (~> 2.0)
    tilt (2.0.10)

PLATFORMS
  x86_64-darwin-19

DEPENDENCIES
  cancellation (= 0.0.9)!
  faraday
  pry
  puma
  sinatra

BUNDLED WITH
   2.3.8
